GEM
  remote: http://rubygems.org/
  specs:
    jekyll (3.1.6)

PLATFORMS
  ruby
