GEM
  remote: http://rubygems.org/
  specs:
    sitkcydodo (3.1.6)

PLATFORMS
  ruby

DEPENDENCIES
  jekyll (3.1.6)
