GEM
  remote: https://rubygems.org/
  specs:
    activemodel (5.2.4.4)
      activesupport (= 5.2.4.4)
    activerecord (5.2.4.4)
      activemodel (= 5.2.4.4)
      activesupport (= 5.2.4.4)
      arel (>= 9.0)
    activesupport (5.2.4.4)
      concurrent-ruby (~> 1.0, >= 1.0.2)
      i18n (>= 0.7, < 2)
      minitest (~> 5.1)
      tzinfo (~> 1.1)
    arel (9.0.0)
    concurrent-ruby (1.1.7)
    diff-lcs (1.2.5)
    fastreader (1.0.8)
      activerecord (>= 2.0.0)
      activesupport (>= 2.0.0)
      feed-normalizer (>= 1.5.1)
      highline (>= 1.4.0)
      hoe (>= 1.6.0)
      hpricot (>= 0.6)
      simple-rss (>= 1.1)
      sqlite3-ruby (>= 1.2.2)
    feed-normalizer (1.5.2)
      hpricot (>= 0.6)
      simple-rss (>= 1.1)
    highline (2.0.3)
    hoe (3.22.2)
      rake (>= 0.8, < 15.0)
    hpricot (0.8.6)
    i18n (1.8.5)
      concurrent-ruby (~> 1.0)
    mini_portile2 (2.4.0)
    minitest (5.14.2)
    nokogiri (1.10.10)
      mini_portile2 (~> 2.4.0)
    pdfkit (0.8.4.3.2)
    rack (2.2.3)
    rake (13.0.1)
    rspec (3.5.0)
      rspec-core (~> 3.5.0)
      rspec-expectations (~> 3.5.0)
      rspec-mocks (~> 3.5.0)
    rspec-core (3.5.4)
      rspec-support (~> 3.5.0)
    rspec-expectations (3.5.0)
      diff-lcs (>= 1.2.0, < 2.0)
      rspec-support (~> 3.5.0)
    rspec-mocks (3.5.0)
      diff-lcs (>= 1.2.0, < 2.0)
      rspec-support (~> 3.5.0)
    rspec-support (3.5.0)
    simple-rss (1.3.3)
    sqlite3 (1.4.2)
    sqlite3-ruby (1.3.3)
      sqlite3 (>= 1.3.3)
    thread_safe (0.3.6)
    tzinfo (1.2.7)
      thread_safe (~> 0.1)

PLATFORMS
  ruby

DEPENDENCIES
  fastreader (>= 1.0.8)
  nokogiri (>= 1.10.8)
  pdfkit (~> 0.5, >= 0.5.3)
  rack (~> 2.1, >= 2.1.4)
  rspec

BUNDLED WITH
   1.17.3
