GEM
  remote: http://rubygems.org/
  specs:
    sitkcydodo (3.1.6)

PLATFORMS
  ruby

DEPENDENCIES
  enju_library (0.3.4)
