GEM
  remote: https://rubygems.org/
  specs:
    actionmailer (3.2.13)
PLATFORMS
  ruby
