GEM
  remote: https://rubygems.org/
  specs:
    haml (4.0.7)
      tilt
    tilt (2.0.10)

PLATFORMS
  ruby

DEPENDENCIES
  haml (= 4.0.7)

BUNDLED WITH
   2.0.2
